NUGET
  remote: https://nuget.org/api/v2
  specs:
    Destructurama.FSharp (1.0.14)
      Serilog (>= 1.4.204)
    Expression.Blend.Sdk (1.0.2)
    FAKE (3.28.7)
    FSharp.Compiler.Service (0.0.89)
    FSharp.Core (4.0.0.1)
    FSharp.Formatting (2.9.0)
      FSharp.Compiler.Service (>= 0.0.87)
      FSharpVSPowerTools.Core (1.8.0)
    FSharp.ViewModule.Core (0.9.9.1)
    FSharpVSPowerTools.Core (1.8.0)
      FSharp.Compiler.Service (>= 0.0.87)
    FsXaml.Wpf (0.9.9)
      Expression.Blend.Sdk (>= 1.0.2) - framework: >= net45
    Microsoft.Bcl (1.1.10)
      Microsoft.Bcl.Build (>= 1.0.14)
    Microsoft.Bcl.Build (1.0.21) - import_targets: false
    Microsoft.Net.Http (2.2.29)
      Microsoft.Bcl (>= 1.1.10)
      Microsoft.Bcl.Build (>= 1.0.14)
    Microsoft.Orleans.Core (1.0.10)
    Microsoft.Orleans.OrleansProviders (1.0.10)
      Microsoft.Orleans.Core (>= 1.0.10)
    Microsoft.Orleans.OrleansRuntime (1.0.10)
      Microsoft.Orleans.Core (>= 1.0.10)
    Microsoft.Orleans.Templates.Grains (1.0.10)
      Microsoft.Orleans.Core (>= 1.0.10)
    Microsoft.Orleans.Templates.Interfaces (1.0.10)
      Microsoft.Orleans.Core (>= 1.0.10)
    ModernUI.WPF (1.0.6)
    NUnit (2.6.4)
    NUnit.Runners (2.6.4)
    Octokit (0.9.0)
      Microsoft.Net.Http
    Orleankka (0.10.9)
      Microsoft.Orleans.OrleansProviders (>= 1.0.10)
      Microsoft.Orleans.OrleansRuntime (>= 1.0.10)
    Orleankka.Fsharp (0.10.7)
      Orleankka (>= 0.10.7.0)
    Serilog (1.5.12)
    SourceLink.Fake (1.0.0)
    Suave (0.32.1)
      FSharp.Core (>= 3.1.2.5)
    System.Management.Automation (6.1.7601.17515)
GITHUB
  remote: fsharp/FAKE
  specs:
    modules/Octokit/Octokit.fsx (545fb5d2cc7901bcbfd8f7f1a53da8f7f169deda)
      Octokit